GEM
  remote: http://rubygems.org/
  specs:
    cairo (1.12.4)
      pkg-config
    gdk_pixbuf2 (1.2.4)
      glib2 (>= 1.2.4)
    glib2 (1.2.4)
      pkg-config
    pkg-config (1.1.4)
    rmagick (2.13.2)
    rsvg2 (1.2.4)
      cairo (>= 1.10.0)
      gdk_pixbuf2 (>= 1.2.4)

PLATFORMS
  ruby

DEPENDENCIES
  rmagick
  rsvg2
