GEM
  remote: http://rubygems.org/
  specs:
    cairo (1.12.6)
      pkg-config
    gdk_pixbuf2 (2.0.2)
      glib2 (= 2.0.2)
    glib2 (2.0.2)
      pkg-config
    pkg-config (1.1.4)
    rmagick (2.13.2)
    rsvg2 (2.0.2)
      cairo (>= 1.10.0)
      gdk_pixbuf2 (= 2.0.2)

PLATFORMS
  ruby

DEPENDENCIES
  rmagick
  rsvg2
